GEM
  remote: https://rubygems.org/
  specs:
    taglib-ruby (0.7.0)

PLATFORMS
  ruby

DEPENDENCIES
  taglib-ruby
